NUGET
  remote: http://baget:9090/v3/index.json
    baget-test1 (1.0.0)
